GEM
  remote: https://gems.ruby-china.com/
  specs:
    addressable (2.8.6)
      public_suffix (>= 2.0.2, < 6.0)
    bourbon (4.3.4)
      sass (~> 3.4)
      thor (~> 0.19)
    capistrano (2.15.11)
      highline
      net-scp (>= 1.0.0)
      net-sftp (>= 2.0.0)
      net-ssh (>= 2.0.14)
      net-ssh-gateway (>= 1.1.0)
    colorator (1.1.0)
    concurrent-ruby (1.2.3)
    em-websocket (0.5.3)
      eventmachine (>= 0.12.9)
      http_parser.rb (~> 0)
    ethon (0.16.0)
      ffi (>= 1.15.0)
    eventmachine (1.2.7)
    ffi (1.15.5)
    ffi (1.15.5-x64-mingw-ucrt)
    forwardable-extended (2.6.0)
    highline (2.1.0)
    html-proofer (3.19.3)
      addressable (~> 2.3)
      mercenary (~> 0.3)
      nokogiri (~> 1.12)
      parallel (~> 1.3)
      rainbow (~> 3.0)
      typhoeus (~> 1.3)
      yell (~> 2.0)
    http_parser.rb (0.8.0)
    i18n (1.14.4)
      concurrent-ruby (~> 1.0)
    jekyll (3.9.5)
      addressable (~> 2.4)
      colorator (~> 1.0)
      em-websocket (~> 0.5)
      i18n (>= 0.7, < 2)
      jekyll-sass-converter (~> 1.0)
      jekyll-watch (~> 2.0)
      kramdown (>= 1.17, < 3)
      liquid (~> 4.0)
      mercenary (~> 0.3.3)
      pathutil (~> 0.9)
      rouge (>= 1.7, < 4)
      safe_yaml (~> 1.0)
    jekyll-paginate (1.1.0)
    jekyll-plantuml (1.4.2)
      jekyll (> 2.0)
    jekyll-sass-converter (1.5.2)
      sass (~> 3.4)
    jekyll-watch (2.2.1)
      listen (~> 3.0)
    kramdown (2.4.0)
      rexml
    kramdown-parser-gfm (1.1.0)
      kramdown (~> 2.0)
    liquid (4.0.4)
    listen (3.9.0)
      rb-fsevent (~> 0.10, >= 0.10.3)
      rb-inotify (~> 0.9, >= 0.9.10)
    mercenary (0.3.6)
    mini_portile2 (2.6.1)
    net-scp (4.0.0)
      net-ssh (>= 2.6.5, < 8.0.0)
    net-sftp (4.0.0)
      net-ssh (>= 5.0.0, < 8.0.0)
    net-ssh (7.2.3)
    net-ssh-gateway (2.0.0)
      net-ssh (>= 4.0.0)
    nokogiri (1.12.5)
      mini_portile2 (~> 2.6.1)
      racc (~> 1.4)
    nokogiri (1.12.5-x86_64-linux)
      racc (~> 1.4)
    parallel (1.24.0)
    pathutil (0.16.2)
      forwardable-extended (~> 2.6)
    posix-spawn (0.3.15)
    public_suffix (5.0.5)
    pygments.rb (0.6.3)
      posix-spawn (~> 0.3.6)
      yajl-ruby (~> 1.2.0)
    racc (1.7.3)
    rainbow (3.1.1)
    rb-fsevent (0.11.2)
    rb-inotify (0.10.1)
      ffi (~> 1.0)
    rexml (3.2.6)
    rouge (3.30.0)
    safe_yaml (1.0.5)
    sass (3.7.4)
      sass-listen (~> 4.0.0)
    sass-listen (4.0.0)
      rb-fsevent (~> 0.9, >= 0.9.4)
      rb-inotify (~> 0.9, >= 0.9.7)
    thor (0.20.3)
    typhoeus (1.4.1)
      ethon (>= 0.9.0)
    webrick (1.8.1)
    yajl-ruby (1.2.3)
    yell (2.2.2)

PLATFORMS
  ruby
  x64-unknown
  x86_64-linux

DEPENDENCIES
  bourbon (~> 4.2, >= 4.2.6)
  capistrano (~> 2.15.9)
  ffi
  html-proofer
  jekyll (~> 3.0, >= 3.0.1)
  jekyll-paginate (~> 1.1)
  jekyll-plantuml
  kramdown-parser-gfm
  pygments.rb (~> 0.6.3)
  sass (~> 3.4, >= 3.4.20)
  webrick

BUNDLED WITH
   2.4.12
